GEM
  remote: http://rubygems.org/
  specs:
    coderay (1.0.8)
    equivalent-xml (0.1.6)
      nokogiri
    method_source (0.8)
    mini_portile (0.5.1)
    nokogiri (1.6.0)
      mini_portile (~> 0.5.0)
    pry (0.9.10)
      coderay (~> 1.0.5)
      method_source (~> 0.8)
      slop (~> 3.3.1)
    rake (10.0.2)
    rb-readline (0.4.2)
    shoulda (2.11.3)
    slop (3.3.3)
    trollop (1.16.2)

PLATFORMS
  ruby

DEPENDENCIES
  equivalent-xml
  nokogiri
  pry
  rake
  rb-readline
  shoulda
  trollop
