GEM
  remote: http://rubygems.org/
  specs:
    coderay (1.1.0)
    equivalent-xml (0.1.6)
      nokogiri
    method_source (0.8.2)
    mini_portile (0.5.1)
    nokogiri (1.6.0)
      mini_portile (~> 0.5.0)
    pry (0.10.1)
      coderay (~> 1.1.0)
      method_source (~> 0.8.1)
      slop (~> 3.4)
    rake (10.0.2)
    shoulda (2.11.3)
    slop (3.6.0)
    trollop (1.16.2)

PLATFORMS
  ruby

DEPENDENCIES
  equivalent-xml
  nokogiri
  pry
  rake
  shoulda
  trollop
